GEM
  remote: https://rubygems.org/
  specs:
    CoffeeTags (0.1.3)
    actionmailer (0.6.1)
      actionpack (>= 0.9.5)
    actionpack (1.4.0)
    activerecord (1.6.0)
    activesupport (4.0.2)
      i18n (~> 0.6, >= 0.6.4)
      minitest (~> 4.2)
      multi_json (~> 1.3)
      thread_safe (~> 0.1)
      tzinfo (~> 0.3.37)
    atomic (1.1.14)
    awesome_print (1.2.0)
    aws-sdk (1.5.8)
      httparty (~> 0.7)
      json (~> 1.4)
      nokogiri (>= 1.4.4)
      uuidtools (~> 2.1)
    bindata (1.6.0)
    brewdler (0.5.0)
      commander
    builder (3.2.2)
    capybara (2.2.0)
      mime-types (>= 1.16)
      nokogiri (>= 1.3.3)
      rack (>= 1.0.0)
      rack-test (>= 0.5.4)
      xpath (~> 2.0)
    chunky_png (1.2.9)
    colored (1.2)
    commander (4.1.5)
      highline (~> 1.6.11)
    cucumber (1.3.10)
      builder (>= 2.1.2)
      diff-lcs (>= 1.1.3)
      gherkin (~> 2.12)
      multi_json (>= 1.7.5, < 2.0)
      multi_test (>= 0.0.2)
    daemons (1.1.9)
    diff-lcs (1.2.5)
    directory_watcher (1.4.1)
    erubis (2.7.0)
    eventmachine (1.0.3)
    filey-diff (0.0.2)
    gherkin (2.12.2)
      multi_json (~> 1.3)
    git-browse-remote (0.0.4)
    git-issue (0.9.0)
      activesupport
      pit
      term-ansicolor
    hashie (2.0.5)
    highline (1.6.20)
    httparty (0.12.0)
      json (~> 1.8)
      multi_xml (>= 0.5.2)
    i18n (0.6.9)
    jekyll-s3 (1.0.0)
      aws-sdk (~> 1.5.6)
      erubis (~> 2.7.0)
      filey-diff (~> 0.0.2)
      simple-cloudfront-invalidator (~> 0.0.1)
    json (1.8.1)
    kramdown (1.3.0)
    lunchy (0.7.0)
    mime-types (2.0)
    mini_portile (0.5.2)
    minitest (4.7.5)
    multi_json (1.8.2)
    multi_test (0.0.2)
    multi_xml (0.5.5)
    mustache (0.99.5)
    mysql2 (0.3.15)
    nokogiri (1.6.1)
      mini_portile (~> 0.5.0)
    oily_png (1.1.0)
      chunky_png (~> 1.2.7)
    pit (0.0.7)
    psd (1.5.0)
      bindata
      oily_png
      psd-enginedata (~> 1.0)
      rake
    psd-enginedata (1.0.0)
      hashie (~> 2.0)
    rack (1.5.2)
    rack-test (0.6.2)
      rack (>= 1.0)
    rails (0.9.5)
      actionmailer (>= 0.6.1)
      actionpack (>= 1.4.0)
      activerecord (>= 1.6.0)
      rake (>= 0.4.15)
    rake (10.1.1)
    redcarpet (2.3.0)
    rmagick (2.13.2)
    rspec (2.14.1)
      rspec-core (~> 2.14.0)
      rspec-expectations (~> 2.14.0)
      rspec-mocks (~> 2.14.0)
    rspec-core (2.14.7)
    rspec-expectations (2.14.4)
      diff-lcs (>= 1.1.3, < 2.0)
    rspec-mocks (2.14.4)
    ruhoh (2.5)
      directory_watcher (~> 1.4.0)
      mustache (~> 0.99)
      nokogiri (~> 1.5)
      rack (~> 1.4)
      redcarpet (~> 2.1)
    sheet (0.2.2)
    simple-cloudfront-invalidator (0.0.1)
      colored (= 1.2)
    sqlite3 (1.3.9)
    term-ansicolor (1.2.2)
      tins (~> 0.8)
    thin (1.6.1)
      daemons (>= 1.0.9)
      eventmachine (>= 1.0.0)
      rack (>= 1.0.0)
    thread_safe (0.1.3)
      atomic
    tins (0.13.1)
    tzinfo (0.3.38)
    uuidtools (2.1.4)
    xpath (2.0.0)
      nokogiri (~> 1.3)

PLATFORMS
  ruby

DEPENDENCIES
  CoffeeTags
  awesome_print
  aws-sdk
  brewdler
  bundler
  capybara
  cucumber
  git-browse-remote
  git-issue
  jekyll-s3
  kramdown
  lunchy
  mysql2
  psd
  rails
  rake
  redcarpet
  rmagick
  rspec
  ruhoh (= 2.5)
  sheet
  sqlite3
  thin
