GEM
  remote: https://rubygems.org/
  specs:
    CoffeeTags (0.1.3)
    activesupport (4.0.0)
      i18n (~> 0.6, >= 0.6.4)
      minitest (~> 4.2)
      multi_json (~> 1.3)
      thread_safe (~> 0.1)
      tzinfo (~> 0.3.37)
    atomic (1.1.14)
    awesome_print (1.2.0)
    aws-sdk (1.8.5)
      json (~> 1.4)
      nokogiri (>= 1.4.4)
      uuidtools (~> 2.1)
    bindata (1.6.0)
    brewdler (0.5.0)
      commander
    chunky_png (1.2.9)
    coderay (1.1.0)
    colored (1.2)
    commander (4.1.5)
      highline (~> 1.6.11)
    configure-s3-website (1.5.0)
      deep_merge (= 1.0.0)
    deep_merge (1.0.0)
    directory_watcher (1.4.1)
    erubis (2.7.0)
    filey-diff (1.4.2)
    git-browse-remote (0.0.4)
    git-issue (0.9.0)
      activesupport
      pit
      term-ansicolor
    hashie (2.0.5)
    highline (1.6.20)
    i18n (0.6.5)
    jekyll-s3 (3.2.0)
      aws-sdk (~> 1.8.5)
      configure-s3-website (~> 1)
      erubis (~> 2.7.0)
      filey-diff (~> 1)
      mime-types (= 1.19)
      simple-cloudfront-invalidator (~> 1)
    json (1.8.1)
    kramdown (1.2.0)
    lunchy (0.7.0)
    mime-types (1.19)
    mini_portile (0.5.2)
    minitest (4.7.5)
    multi_json (1.8.2)
    mustache (0.99.4)
    nokogiri (1.6.0)
      mini_portile (~> 0.5.0)
    oily_png (1.1.0)
      chunky_png (~> 1.2.7)
    pit (0.0.7)
    psd (1.3.3)
      bindata
      oily_png
      psd-enginedata (~> 1.0)
      rake
    psd-enginedata (1.0.0)
      hashie (~> 2.0)
    rack (1.5.2)
    rake (10.1.0)
    redcarpet (2.3.0)
    ruhoh (2.5)
      directory_watcher (~> 1.4.0)
      mustache (~> 0.99)
      nokogiri (~> 1.5)
      rack (~> 1.4)
      redcarpet (~> 2.1)
    simple-cloudfront-invalidator (1.0.1)
      colored (= 1.2)
    term-ansicolor (1.2.2)
      tins (~> 0.8)
    thread_safe (0.1.3)
      atomic
    tins (0.12.0)
    tzinfo (0.3.38)
    uuidtools (2.1.4)

PLATFORMS
  ruby

DEPENDENCIES
  CoffeeTags
  awesome_print
  brewdler
  coderay
  git-browse-remote
  git-issue
  jekyll-s3
  kramdown
  lunchy
  psd
  redcarpet
  ruhoh
